STORAGE: NONE
RESTRICTION: || (== dnxcore50) (== netstandard2.0)
NUGET
  remote: https://www.nuget.org/api/v2
    FSharp.Core (4.3.4)
    System.Collections.Immutable (1.4)
